GEM
  remote: https://rubygems.org/
  specs:
    antlr3 (1.10.0)
    sqlite3 (1.4.2)

PLATFORMS
  ruby

DEPENDENCIES
  antlr3
  sqlite3

BUNDLED WITH
   1.17.3
